GEM
  remote: http://rubygems.org/
  specs:
    activemodel (3.2.2)
      activesupport (= 3.2.2)
      builder (~> 3.0.0)
    activerecord (3.2.2)
      activemodel (= 3.2.2)
      activesupport (= 3.2.2)
      arel (~> 3.0.2)
      tzinfo (~> 0.3.29)
    activesupport (3.2.2)
      i18n (~> 0.6)
      multi_json (~> 1.0)
    ansi (1.4.2)
    arel (3.0.2)
    backports (2.3.0)
    builder (3.0.0)
    eventmachine (0.12.10)
    gravatar_image_tag (1.0.0)
    i18n (0.6.0)
    minitest (2.11.3)
    multi_json (1.1.0)
    rack (1.6.13)
    rack-protection (1.2.0)
      rack
    rack-test (0.6.1)
      rack (>= 1.0)
    rake (12.3.3)
    sinatra (1.3.2)
      rack (~> 1.3, >= 1.3.6)
      rack-protection (~> 1.2)
      tilt (~> 1.3, >= 1.3.3)
    sinatra-activerecord (0.1.3)
      sinatra (>= 0.9.4)
    sinatra-contrib (1.3.1)
      backports (>= 2.0)
      eventmachine
      rack-protection
      rack-test
      sinatra (~> 1.3.0)
      tilt (~> 1.3)
    sqlite3 (1.3.5)
    tilt (1.3.3)
    turn (0.9.4)
      ansi
    tzinfo (0.3.32)

PLATFORMS
  ruby

DEPENDENCIES
  activerecord
  gravatar_image_tag
  minitest
  rack-test
  rake
  sinatra
  sinatra-activerecord
  sinatra-contrib
  sqlite3
  turn
