GEM
  remote: http://rubygems.org/
  specs:
    activemodel (3.2.9)
      activesupport (= 3.2.9)
      builder (~> 3.0.0)
    activerecord (3.2.9)
      activemodel (= 3.2.9)
      activesupport (= 3.2.9)
      arel (~> 3.0.2)
      tzinfo (~> 0.3.29)
    activesupport (3.2.9)
      i18n (~> 0.6)
      multi_json (~> 1.0)
    alphadecimal (1.1.2)
    ansi (1.4.3)
    arel (3.0.2)
    backports (2.6.5)
    builder (3.0.4)
    eventmachine (1.0.0)
    i18n (0.6.1)
    minitest (4.2.0)
    multi_json (1.3.7)
    rack (1.4.1)
    rack-protection (1.2.0)
      rack
    rack-test (0.6.2)
      rack (>= 1.0)
    rake (12.3.3)
    sinatra (1.3.3)
      rack (~> 1.3, >= 1.3.6)
      rack-protection (~> 1.2)
      tilt (~> 1.3, >= 1.3.3)
    sinatra-activerecord (1.1.2)
      activerecord (~> 3.0)
      sinatra (~> 1.0)
    sinatra-contrib (1.3.2)
      backports (>= 2.0)
      eventmachine
      rack-protection
      rack-test
      sinatra (~> 1.3.0)
      tilt (~> 1.3)
    sqlite3 (1.3.6)
    tilt (1.3.3)
    turn (0.9.6)
      ansi
    tzinfo (0.3.35)

PLATFORMS
  ruby

DEPENDENCIES
  alphadecimal
  minitest
  rack-test
  rake
  sinatra
  sinatra-activerecord
  sinatra-contrib
  sqlite3
  turn
